GEM
  remote: https://rubygems.org/
  specs:
    mini_portile2 (2.5.3)
    nokogiri (1.11.7)
      mini_portile2 (~> 2.5.0)
      racc (~> 1.4)
    nokogiri (1.11.7-x64-mingw32)
      racc (~> 1.4)
    open-uri (0.1.0)
    racc (1.5.2)

PLATFORMS
  unknown
  x64-mingw32

DEPENDENCIES
  nokogiri
  open-uri

BUNDLED WITH
   2.2.20
